GEM
  specs:
    byebug (11.1.3)
    activesupport (6.1.2.1)

PLATFORMS
    x86_64-darwin-18

DEPENDENCIES
    byebug

BUNDLED WITH
    2.2.11